GEM
  remote: http://rubygems.org/
  specs:
    cuba (3.1.0)
      rack
    kgio (2.7.4)
    nokogiri (1.5.6)
    rack (1.4.4)
    raindrops (0.10.0)
    tilt (1.3.3)
    unicorn (4.5.0)
      kgio (~> 2.6)
      rack
      raindrops (~> 0.7)
    zip (2.0.2)

PLATFORMS
  ruby

DEPENDENCIES
  cuba
  nokogiri
  tilt
  unicorn
  zip
