GEM
  remote: https://rubygems.org/
  specs:
    cuba (3.9.3)
      rack (>= 1.6.0)
    json (2.5.1)
    kgio (2.11.3)
    mini_portile2 (2.8.1)
    nokogiri (1.14.3)
      mini_portile2 (~> 2.8.0)
      racc (~> 1.4)
    racc (1.6.2)
    rack (2.2.3)
    raindrops (0.19.1)
    tilt (2.0.10)
    unicorn (6.0.0)
      kgio (~> 2.6)
      raindrops (~> 0.7)
    zip (2.0.2)

PLATFORMS
  ruby

DEPENDENCIES
  cuba
  json
  nokogiri
  tilt
  unicorn
  zip

RUBY VERSION
   ruby 2.7.2p137

BUNDLED WITH
   2.1.4
